GIT
  remote: https://github.com/rspec/rspec-core.git
  revision: 0b4c98d1c1915b636f635c5a88e6ca59c8cdf049
  branch: master
  specs:
    rspec-core (3.9.0.pre)
      rspec-support (= 3.9.0.pre)

GIT
  remote: https://github.com/rspec/rspec-expectations.git
  revision: 03af89d886a6ee27b862082913da0db6226956c5
  branch: master
  specs:
    rspec-expectations (3.9.0.pre)
      diff-lcs (>= 1.2.0, < 2.0)
      rspec-support (= 3.9.0.pre)

GIT
  remote: https://github.com/rspec/rspec-mocks.git
  revision: 4f6f4131fd24d1a89ba389216e213dd4c95f4646
  branch: master
  specs:
    rspec-mocks (3.9.0.pre)
      diff-lcs (>= 1.2.0, < 2.0)
      rspec-support (= 3.9.0.pre)

GIT
  remote: https://github.com/rspec/rspec-rails
  revision: d3f8915dc80a5e98e4b34e264f4a08a487b0293d
  branch: 4-0-dev
  specs:
    rspec-rails (4.0.0.pre)
      actionpack (>= 4.2)
      activesupport (>= 4.2)
      railties (>= 4.2)
      rspec-core (= 3.9.0.pre)
      rspec-expectations (= 3.9.0.pre)
      rspec-mocks (= 3.9.0.pre)
      rspec-support (= 3.9.0.pre)

GIT
  remote: https://github.com/rspec/rspec-support.git
  revision: 3a6ec66d32683e99c449a7b2f7f73e2edd7b6036
  branch: master
  specs:
    rspec-support (3.9.0.pre)

GIT
  remote: https://github.com/stympy/faker.git
  revision: 1a39a9a76aa9a040466ba9ee944dc2aae1ea84de
  specs:
    faker (1.9.3)
      i18n (>= 0.7)
      pastel (~> 0.7.2)
      thor (~> 0.20.0)
      tty-pager (~> 0.12.0)
      tty-screen (~> 0.6.5)
      tty-tree (~> 0.2.0)

GEM
  remote: https://rubygems.org/
  specs:
    aasm (5.0.2)
      concurrent-ruby (~> 1.0)
    actioncable (6.0.0.beta3)
      actionpack (= 6.0.0.beta3)
      nio4r (~> 2.0)
      websocket-driver (>= 0.6.1)
    actionmailbox (6.0.0.beta3)
      actionpack (= 6.0.0.beta3)
      activejob (= 6.0.0.beta3)
      activerecord (= 6.0.0.beta3)
      activestorage (= 6.0.0.beta3)
      activesupport (= 6.0.0.beta3)
      mail (>= 2.7.1)
    actionmailer (6.0.0.beta3)
      actionpack (= 6.0.0.beta3)
      actionview (= 6.0.0.beta3)
      activejob (= 6.0.0.beta3)
      mail (~> 2.5, >= 2.5.4)
      rails-dom-testing (~> 2.0)
    actionpack (6.0.0.beta3)
      actionview (= 6.0.0.beta3)
      activesupport (= 6.0.0.beta3)
      rack (~> 2.0)
      rack-test (>= 0.6.3)
      rails-dom-testing (~> 2.0)
      rails-html-sanitizer (~> 1.0, >= 1.0.2)
    actiontext (6.0.0.beta3)
      actionpack (= 6.0.0.beta3)
      activerecord (= 6.0.0.beta3)
      activestorage (= 6.0.0.beta3)
      activesupport (= 6.0.0.beta3)
      nokogiri (>= 1.8.5)
    actionview (6.0.0.beta3)
      activesupport (= 6.0.0.beta3)
      builder (~> 3.1)
      erubi (~> 1.4)
      rails-dom-testing (~> 2.0)
      rails-html-sanitizer (~> 1.0, >= 1.0.3)
    active_importer (0.2.6)
      roo
    activejob (6.0.0.beta3)
      activesupport (= 6.0.0.beta3)
      globalid (>= 0.3.6)
    activemodel (6.0.0.beta3)
      activesupport (= 6.0.0.beta3)
    activerecord (6.0.0.beta3)
      activemodel (= 6.0.0.beta3)
      activesupport (= 6.0.0.beta3)
    activestorage (6.0.0.beta3)
      actionpack (= 6.0.0.beta3)
      activerecord (= 6.0.0.beta3)
      marcel (~> 0.3.1)
    activesupport (6.0.0.beta3)
      concurrent-ruby (~> 1.0, >= 1.0.2)
      i18n (>= 0.7, < 2)
      minitest (~> 5.1)
      tzinfo (~> 1.1)
      zeitwerk (~> 1.3, >= 1.3.1)
    addressable (2.6.0)
      public_suffix (>= 2.0.2, < 4.0)
    airbrussh (1.3.1)
      sshkit (>= 1.6.1, != 1.7.0)
    archive-zip (0.12.0)
      io-like (~> 0.3.0)
    aws-eventstream (1.0.2)
    aws-partitions (1.148.0)
    aws-sdk-core (3.48.3)
      aws-eventstream (~> 1.0, >= 1.0.2)
      aws-partitions (~> 1.0)
      aws-sigv4 (~> 1.1)
      jmespath (~> 1.0)
    aws-sdk-kms (1.16.0)
      aws-sdk-core (~> 3, >= 3.48.2)
      aws-sigv4 (~> 1.1)
    aws-sdk-s3 (1.36.0)
      aws-sdk-core (~> 3, >= 3.48.2)
      aws-sdk-kms (~> 1)
      aws-sigv4 (~> 1.0)
    aws-sdk-sns (1.12.0)
      aws-sdk-core (~> 3, >= 3.48.2)
      aws-sigv4 (~> 1.1)
    aws-ses (0.6.0)
      builder
      mail (> 2.2.5)
      mime-types
      xml-simple
    aws-sigv4 (1.1.0)
      aws-eventstream (~> 1.0, >= 1.0.2)
    bcrypt (3.1.12)
    bindex (0.6.0)
    bootsnap (1.4.2)
      msgpack (~> 1.0)
    browser (2.5.3)
    builder (3.2.3)
    capistrano (3.11.0)
      airbrussh (>= 1.0.0)
      i18n
      rake (>= 10.0.0)
      sshkit (>= 1.9.0)
    capistrano-bundle (0.0.5)
      capistrano (>= 3.1)
    capistrano-bundler (1.5.0)
      capistrano (~> 3.1)
    capistrano-rails (1.4.0)
      capistrano (~> 3.1)
      capistrano-bundler (~> 1.1)
    capistrano-rvm (0.1.2)
      capistrano (~> 3.0)
      sshkit (~> 1.2)
    capistrano-sidekiq (1.0.2)
      capistrano (>= 3.9.0)
      sidekiq (>= 3.4)
    capistrano3-puma (3.1.1)
      capistrano (~> 3.7)
      capistrano-bundler
      puma (~> 3.4)
    capybara (3.16.1)
      addressable
      mini_mime (>= 0.1.3)
      nokogiri (~> 1.8)
      rack (>= 1.6.0)
      rack-test (>= 0.6.3)
      regexp_parser (~> 1.2)
      xpath (~> 3.2)
    childprocess (0.9.0)
      ffi (~> 1.0, >= 1.0.11)
    chromedriver-helper (2.1.1)
      archive-zip (~> 0.10)
      nokogiri (~> 1.8)
    chronic (0.10.2)
    coderay (1.1.2)
    coffee-rails (4.2.2)
      coffee-script (>= 2.2.0)
      railties (>= 4.0.0)
    coffee-script (2.4.1)
      coffee-script-source
      execjs
    coffee-script-source (1.12.2)
    concurrent-ruby (1.1.5)
    connection_pool (2.2.2)
    crass (1.0.4)
    css_parser (1.7.0)
      addressable
    database_cleaner (1.7.0)
    deep_cloneable (2.4.0)
      activerecord (>= 3.1.0, < 6)
    devise (4.6.2)
      bcrypt (~> 3.0)
      orm_adapter (~> 0.1)
      railties (>= 4.1.0, < 6.0)
      responders
      warden (~> 1.2.3)
    diff-lcs (1.3)
    domain_name (0.5.20180417)
      unf (>= 0.0.5, < 1.0.0)
    email_reply_trimmer (0.1.12)
    equatable (0.5.0)
    erubi (1.8.0)
    et-orbi (1.1.7)
      tzinfo
    execjs (2.7.0)
    factory_girl (4.9.0)
      activesupport (>= 3.0.0)
    factory_girl_rails (4.9.0)
      factory_girl (~> 4.9.0)
      railties (>= 3.0.0)
    ffi (1.10.0)
    fugit (1.1.9)
      et-orbi (~> 1.1, >= 1.1.7)
      raabro (~> 1.1)
    geocoder (1.5.1)
    globalid (0.4.2)
      activesupport (>= 4.2.0)
    groupdate (4.1.1)
      activesupport (>= 4.2)
    gutentag (2.5.0)
      activerecord (>= 3.2.0)
    haml (5.0.4)
      temple (>= 0.8.0)
      tilt
    http (4.1.1)
      addressable (~> 2.3)
      http-cookie (~> 1.0)
      http-form_data (~> 2.0)
      http_parser.rb (~> 0.6.0)
    http-cookie (1.0.3)
      domain_name (~> 0.5)
    http-form_data (2.1.1)
    http_parser.rb (0.6.0)
    i18n (1.6.0)
      concurrent-ruby (~> 1.0)
    io-like (0.3.0)
    jbuilder (2.8.0)
      activesupport (>= 4.2.0)
      multi_json (>= 1.2)
    jmespath (1.4.0)
    kaminari (1.1.1)
      activesupport (>= 4.1.0)
      kaminari-actionview (= 1.1.1)
      kaminari-activerecord (= 1.1.1)
      kaminari-core (= 1.1.1)
    kaminari-actionview (1.1.1)
      actionview
      kaminari-core (= 1.1.1)
    kaminari-activerecord (1.1.1)
      activerecord
      kaminari-core (= 1.1.1)
    kaminari-core (1.1.1)
    listen (3.1.5)
      rb-fsevent (~> 0.9, >= 0.9.4)
      rb-inotify (~> 0.9, >= 0.9.7)
      ruby_dep (~> 1.2)
    loofah (2.2.3)
      crass (~> 1.0.2)
      nokogiri (>= 1.5.9)
    mail (2.7.1)
      mini_mime (>= 0.1.1)
    marcel (0.3.3)
      mimemagic (~> 0.3.2)
    method_source (0.9.2)
    mime-types (3.2.2)
      mime-types-data (~> 3.2015)
    mime-types-data (3.2018.0812)
    mimemagic (0.3.3)
    mini_magick (4.9.3)
    mini_mime (1.0.1)
    mini_portile2 (2.4.0)
    minitest (5.11.3)
    msgpack (1.2.9)
    multi_json (1.13.1)
    mustache (1.1.0)
    net-scp (2.0.0)
      net-ssh (>= 2.6.5, < 6.0.0)
    net-ssh (5.2.0)
    nio4r (2.3.1)
    nokogiri (1.10.2)
      mini_portile2 (~> 2.4.0)
    orm_adapter (0.5.0)
    pastel (0.7.2)
      equatable (~> 0.5.0)
      tty-color (~> 0.4.0)
    pg (1.1.4)
    pry (0.12.2)
      coderay (~> 1.1.0)
      method_source (~> 0.9.0)
    public_suffix (3.0.3)
    puma (3.12.1)
    raabro (1.1.6)
    rack (2.0.6)
    rack-protection (2.0.5)
      rack
    rack-proxy (0.6.5)
      rack
    rack-test (1.1.0)
      rack (>= 1.0, < 3)
    rails (6.0.0.beta3)
      actioncable (= 6.0.0.beta3)
      actionmailbox (= 6.0.0.beta3)
      actionmailer (= 6.0.0.beta3)
      actionpack (= 6.0.0.beta3)
      actiontext (= 6.0.0.beta3)
      actionview (= 6.0.0.beta3)
      activejob (= 6.0.0.beta3)
      activemodel (= 6.0.0.beta3)
      activerecord (= 6.0.0.beta3)
      activestorage (= 6.0.0.beta3)
      activesupport (= 6.0.0.beta3)
      bundler (>= 1.3.0)
      railties (= 6.0.0.beta3)
      sprockets-rails (>= 2.0.0)
    rails-dom-testing (2.0.3)
      activesupport (>= 4.2.0)
      nokogiri (>= 1.6)
    rails-html-sanitizer (1.0.4)
      loofah (~> 2.2, >= 2.2.2)
    railties (6.0.0.beta3)
      actionpack (= 6.0.0.beta3)
      activesupport (= 6.0.0.beta3)
      method_source
      rake (>= 0.8.7)
      thor (>= 0.20.3, < 2.0)
    rake (12.3.2)
    ransack (2.1.1)
      actionpack (>= 5.0)
      activerecord (>= 5.0)
      activesupport (>= 5.0)
      i18n
    rb-fsevent (0.10.3)
    rb-inotify (0.10.0)
      ffi (~> 1.0)
    redis (4.1.0)
    regexp_parser (1.3.0)
    responders (2.4.1)
      actionpack (>= 4.2.0, < 6.0)
      railties (>= 4.2.0, < 6.0)
    roadie (3.4.0)
      css_parser (~> 1.4)
      nokogiri (~> 1.5)
    roo (2.8.2)
      nokogiri (~> 1)
      rubyzip (>= 1.2.1, < 2.0.0)
    ruby-oembed (0.12.0)
    ruby_dep (1.5.0)
    rubyzip (1.2.2)
    sass (3.7.3)
      sass-listen (~> 4.0.0)
    sass-listen (4.0.0)
      rb-fsevent (~> 0.9, >= 0.9.4)
      rb-inotify (~> 0.9, >= 0.9.7)
    sass-rails (5.0.7)
      railties (>= 4.0.0, < 6)
      sass (~> 3.1)
      sprockets (>= 2.8, < 4.0)
      sprockets-rails (>= 2.0, < 4.0)
      tilt (>= 1.1, < 3)
    selenium-webdriver (3.141.0)
      childprocess (~> 0.5)
      rubyzip (~> 1.2, >= 1.2.2)
    shoulda (3.6.0)
      shoulda-context (~> 1.0, >= 1.0.1)
      shoulda-matchers (~> 3.0)
    shoulda-context (1.2.2)
    shoulda-matchers (3.1.3)
      activesupport (>= 4.0.0)
    sidekiq (5.2.5)
      connection_pool (~> 2.2, >= 2.2.2)
      rack (>= 1.5.0)
      rack-protection (>= 1.5.0)
      redis (>= 3.3.5, < 5)
    sidekiq-cron (1.1.0)
      fugit (~> 1.1)
      sidekiq (>= 4.2.1)
    spring (2.0.2)
      activesupport (>= 4.2)
    spring-watcher-listen (2.0.1)
      listen (>= 2.7, < 4.0)
      spring (>= 1.2, < 3.0)
    sprockets (3.7.2)
      concurrent-ruby (~> 1.0)
      rack (> 1, < 3)
    sprockets-rails (3.2.1)
      actionpack (>= 4.0)
      activesupport (>= 4.0)
      sprockets (>= 3.0.0)
    sshkit (1.18.2)
      net-scp (>= 1.1.2)
      net-ssh (>= 2.8.0)
    strings (0.1.5)
      strings-ansi (~> 0.1)
      unicode-display_width (~> 1.5)
      unicode_utils (~> 1.4)
    strings-ansi (0.1.0)
    temple (0.8.1)
    thor (0.20.3)
    thread_safe (0.3.6)
    tilt (2.0.9)
    timezone (1.3.3)
    tty-color (0.4.3)
    tty-pager (0.12.1)
      strings (~> 0.1.4)
      tty-screen (~> 0.6)
      tty-which (~> 0.4)
    tty-screen (0.6.5)
    tty-tree (0.2.0)
    tty-which (0.4.0)
    turbolinks (5.2.0)
      turbolinks-source (~> 5.2)
    turbolinks-source (5.2.0)
    tzinfo (1.2.5)
      thread_safe (~> 0.1)
    uglifier (4.1.20)
      execjs (>= 0.3.0, < 3)
    unf (0.1.4)
      unf_ext
    unf_ext (0.0.7.5)
    unicode-display_width (1.5.0)
    unicode_utils (1.4.0)
    urlcrypt (0.1.1)
    warden (1.2.8)
      rack (>= 2.0.6)
    web-console (3.7.0)
      actionview (>= 5.0)
      activemodel (>= 5.0)
      bindex (>= 0.4.0)
      railties (>= 5.0)
    webpacker (3.6.0)
      activesupport (>= 4.2)
      rack-proxy (>= 0.6.1)
      railties (>= 4.2)
    websocket-driver (0.7.0)
      websocket-extensions (>= 0.1.0)
    websocket-extensions (0.1.3)
    xml-simple (1.1.5)
    xpath (3.2.0)
      nokogiri (~> 1.8)
    zeitwerk (1.4.3)

PLATFORMS
  ruby

DEPENDENCIES
  aasm
  active_importer
  aws-sdk-s3 (~> 1.15)
  aws-sdk-sns (>= 1.9.0)
  aws-ses
  bootsnap (>= 1.1.0)
  browser (~> 2.5)
  capistrano-bundle
  capistrano-rails
  capistrano-rvm
  capistrano-sidekiq
  capistrano3-puma
  capybara (>= 2.15, < 4.0)
  chromedriver-helper
  chronic (~> 0.10.2)
  coffee-rails (~> 4.2)
  database_cleaner
  deep_cloneable
  devise (= 4.6.2)
  email_reply_trimmer
  factory_girl_rails
  faker!
  geocoder (~> 1.4)
  groupdate
  gutentag (~> 2.4)
  haml
  http
  jbuilder (~> 2.5)
  kaminari (~> 1.1)
  listen (>= 3.0.5, < 3.2)
  mini_magick (~> 4.8)
  mustache
  pg
  pry
  puma (~> 3.11)
  rails (= 6.0.0.beta3)
  ransack
  redis (~> 4.0)
  roadie
  roo
  rspec-core!
  rspec-expectations!
  rspec-mocks!
  rspec-rails!
  rspec-support!
  ruby-oembed
  sass-rails (~> 5.0)
  selenium-webdriver
  shoulda
  shoulda-matchers
  sidekiq
  sidekiq-cron
  spring
  spring-watcher-listen (~> 2.0.0)
  timezone (~> 1.2)
  turbolinks (~> 5)
  tzinfo-data
  uglifier (>= 1.3.0)
  urlcrypt
  web-console (>= 3.3.0)
  webpacker (~> 3.5)

RUBY VERSION
   ruby 2.5.0p0

BUNDLED WITH
   1.16.6
