GIT
  remote: https://github.com/chaskiq/emoji_data.rb.git
  revision: 861f10dcf4071b9ca8cd61d4741d2b3e7e1e91fc
  specs:
    emoji_data (0.2.0)

GIT
  remote: https://github.com/frederikspang/roadie-rails.git
  revision: a13712c32f68aacf425c8dbe552abc5ddd74b4e5
  branch: master
  specs:
    roadie-rails (3.0.0)
      railties (>= 5.1)
      roadie (~> 5.0)

GIT
  remote: https://github.com/globalize/globalize.git
  revision: 27b69064b87ec6bf8bd7d09a0c289977089b43e6
  branch: main
  specs:
    globalize (6.2.1)
      activemodel (>= 4.2, < 7.2)
      activerecord (>= 4.2, < 7.2)
      request_store (~> 1.0)

GIT
  remote: https://github.com/mbleigh/acts-as-taggable-on.git
  revision: 46c4e2d4b73a49b2e60ecf15a6ea4f6304a55672
  specs:
    acts-as-taggable-on (10.0.0)
      activerecord (>= 6.1, < 7.2)

GIT
  remote: https://github.com/michelson/nightfury.git
  revision: b9014eec30d94c52a63f724ef449a34d3b3f42c2
  specs:
    nightfury (1.0.1)
      activesupport (>= 6.0)
      i18n
      redis (~> 4.0)
      redis-namespace (~> 1.6)

GIT
  remote: https://github.com/roo-rb/roo.git
  revision: 72dfeef7e9e62551d049614e3e447dc1a7466caa
  specs:
    roo (2.10.0)
      nokogiri (~> 1)
      rubyzip (>= 1.3.0, < 3.0.0)

GIT
  remote: https://github.com/stympy/faker.git
  revision: 7cf0bbb99cb843fec5a0eb6d0115dfaf0b0aa6a9
  specs:
    faker (3.2.1)
      i18n (>= 1.8.11, < 2)

GEM
  remote: https://rubygems.org/
  specs:
    aasm (5.5.0)
      concurrent-ruby (~> 1.0)
    action_policy (0.6.7)
      ruby-next-core (>= 0.14.0)
    action_policy-graphql (0.5.3)
      action_policy (>= 0.5.0)
      graphql (>= 1.9.3)
      ruby-next-core (>= 0.10.0)
    actioncable (7.1.1)
      actionpack (= 7.1.1)
      activesupport (= 7.1.1)
      nio4r (~> 2.0)
      websocket-driver (>= 0.6.1)
      zeitwerk (~> 2.6)
    actionmailbox (7.1.1)
      actionpack (= 7.1.1)
      activejob (= 7.1.1)
      activerecord (= 7.1.1)
      activestorage (= 7.1.1)
      activesupport (= 7.1.1)
      mail (>= 2.7.1)
      net-imap
      net-pop
      net-smtp
    actionmailer (7.1.1)
      actionpack (= 7.1.1)
      actionview (= 7.1.1)
      activejob (= 7.1.1)
      activesupport (= 7.1.1)
      mail (~> 2.5, >= 2.5.4)
      net-imap
      net-pop
      net-smtp
      rails-dom-testing (~> 2.2)
    actionpack (7.1.1)
      actionview (= 7.1.1)
      activesupport (= 7.1.1)
      nokogiri (>= 1.8.5)
      rack (>= 2.2.4)
      rack-session (>= 1.0.1)
      rack-test (>= 0.6.3)
      rails-dom-testing (~> 2.2)
      rails-html-sanitizer (~> 1.6)
    actiontext (7.1.1)
      actionpack (= 7.1.1)
      activerecord (= 7.1.1)
      activestorage (= 7.1.1)
      activesupport (= 7.1.1)
      globalid (>= 0.6.0)
      nokogiri (>= 1.8.5)
    actionview (7.1.1)
      activesupport (= 7.1.1)
      builder (~> 3.1)
      erubi (~> 1.11)
      rails-dom-testing (~> 2.2)
      rails-html-sanitizer (~> 1.6)
    active_importer (0.2.6)
      roo
    activejob (7.1.1)
      activesupport (= 7.1.1)
      globalid (>= 0.3.6)
    activemodel (7.1.1)
      activesupport (= 7.1.1)
    activerecord (7.1.1)
      activemodel (= 7.1.1)
      activesupport (= 7.1.1)
      timeout (>= 0.4.0)
    activestorage (7.1.1)
      actionpack (= 7.1.1)
      activejob (= 7.1.1)
      activerecord (= 7.1.1)
      activesupport (= 7.1.1)
      marcel (~> 1.0)
    activesupport (7.1.1)
      base64
      bigdecimal
      concurrent-ruby (~> 1.0, >= 1.0.2)
      connection_pool (>= 2.2.5)
      drb
      i18n (>= 1.6, < 2)
      minitest (>= 5.1)
      mutex_m
      tzinfo (~> 2.0)
    acts_as_list (0.9.19)
      activerecord (>= 3.0)
    addressable (2.8.5)
      public_suffix (>= 2.0.2, < 6.0)
    anycable (1.4.3)
      anycable-core (= 1.4.3)
      google-protobuf (~> 3.23)
      grpc (~> 1.53)
    anycable-core (1.4.3)
      anyway_config (~> 2.2)
      google-protobuf (>= 3.13)
    anycable-rails (1.4.2)
      anycable
      anycable-rails-core (= 1.4.2)
    anycable-rails-core (1.4.2)
      actioncable (>= 6.0)
      anycable-core (~> 1.4)
      globalid
    anyway_config (2.5.4)
      ruby-next-core (>= 0.14.0)
    ast (2.4.2)
    async (2.8.2)
      console (~> 1.10)
      fiber-annotation
      io-event (~> 1.1)
      timers (~> 4.1)
    async-container (0.16.13)
      async
      async-io
    async-http (0.63.0)
      async (>= 1.25)
      async-io (>= 1.28)
      async-pool (>= 0.2)
      protocol-http (~> 0.26.0)
      protocol-http1 (~> 0.18.0)
      protocol-http2 (~> 0.16.0)
      traces (>= 0.10.0)
    async-http-cache (0.4.3)
      async-http (~> 0.56)
    async-io (1.41.0)
      async
    async-pool (0.4.0)
      async (>= 1.25)
    aws-eventstream (1.2.0)
    aws-partitions (1.835.0)
    aws-record (2.12.0)
      aws-sdk-dynamodb (~> 1, >= 1.85.0)
    aws-sdk-core (3.185.1)
      aws-eventstream (~> 1, >= 1.0.2)
      aws-partitions (~> 1, >= 1.651.0)
      aws-sigv4 (~> 1.5)
      jmespath (~> 1, >= 1.6.1)
    aws-sdk-dynamodb (1.95.0)
      aws-sdk-core (~> 3, >= 3.184.0)
      aws-sigv4 (~> 1.1)
    aws-sdk-kms (1.72.0)
      aws-sdk-core (~> 3, >= 3.184.0)
      aws-sigv4 (~> 1.1)
    aws-sdk-rails (3.9.0)
      aws-record (~> 2)
      aws-sdk-ses (~> 1, >= 1.50.0)
      aws-sdk-sesv2 (~> 1, >= 1.34.0)
      aws-sdk-sqs (~> 1, >= 1.56.0)
      aws-sessionstore-dynamodb (~> 2)
      concurrent-ruby (~> 1)
      railties (>= 5.2.0)
    aws-sdk-s3 (1.136.0)
      aws-sdk-core (~> 3, >= 3.181.0)
      aws-sdk-kms (~> 1)
      aws-sigv4 (~> 1.6)
    aws-sdk-ses (1.56.0)
      aws-sdk-core (~> 3, >= 3.184.0)
      aws-sigv4 (~> 1.1)
    aws-sdk-sesv2 (1.40.0)
      aws-sdk-core (~> 3, >= 3.184.0)
      aws-sigv4 (~> 1.1)
    aws-sdk-sqs (1.64.0)
      aws-sdk-core (~> 3, >= 3.184.0)
      aws-sigv4 (~> 1.1)
    aws-sessionstore-dynamodb (2.1.0)
      aws-sdk-dynamodb (~> 1, >= 1.85.0)
      rack (~> 2)
    aws-sigv4 (1.6.0)
      aws-eventstream (~> 1, >= 1.0.2)
    base64 (0.1.1)
    bcrypt (3.1.19)
    bcrypt (3.1.19-java)
    bigdecimal (3.1.4)
    bigdecimal (3.1.4-java)
    bindex (0.8.1)
    biz (1.8.2)
      clavius (~> 1.0)
      tzinfo
    bootsnap (1.16.0)
      msgpack (~> 1.2)
    brakeman (6.0.1)
    browser (2.7.1)
    bugsnag (6.26.0)
      concurrent-ruby (~> 1.0)
    build-environment (1.13.0)
    builder (3.2.4)
    chronic (0.10.2)
    clavius (1.0.4)
    code-scanning-rubocop (0.6.1)
      rubocop (~> 1.0)
    coderay (1.1.3)
    concurrent-ruby (1.2.2)
    connection_pool (2.4.1)
    console (1.23.4)
      fiber-annotation
      fiber-local
      json
    crack (0.4.5)
      rexml
    crass (1.0.6)
    css_parser (1.16.0)
      addressable
    cypress-on-rails (1.16.0)
      rack
    database_cleaner-active_record (2.1.0)
      activerecord (>= 5.a)
      database_cleaner-core (~> 2.0.0)
    database_cleaner-core (2.0.1)
    database_cleaner-redis (2.0.0)
      database_cleaner-core (~> 2.0.0)
      redis
    date (3.3.3)
    date (3.3.3-java)
    deep_cloneable (3.2.0)
      activerecord (>= 3.1.0, < 8)
    devise (4.9.3)
      bcrypt (~> 3.0)
      orm_adapter (~> 0.1)
      railties (>= 4.1.0)
      responders
      warden (~> 1.2.3)
    devise_invitable (2.0.8)
      actionmailer (>= 5.0)
      devise (>= 4.6)
    diff-lcs (1.5.0)
    domain_name (0.5.20190701)
      unf (>= 0.0.5, < 1.0.0)
    doorkeeper (5.5.4)
      railties (>= 5)
    dotenv (2.8.1)
    dotenv-rails (2.8.1)
      dotenv (= 2.8.1)
      railties (>= 3.2)
    drb (2.1.1)
      ruby2_keywords
    email_reply_trimmer (0.1.13)
    erubi (1.12.0)
    execjs (2.9.1)
    factory_bot (6.2.1)
      activesupport (>= 5.0.0)
    factory_bot_rails (6.2.0)
      factory_bot (~> 6.2.0)
      railties (>= 5.0.0)
    falcon (0.43.0)
      async
      async-container (~> 0.16.0)
      async-http (~> 0.57)
      async-http-cache (~> 0.4.0)
      async-io (~> 1.22)
      build-environment (~> 1.13)
      bundler
      localhost (~> 1.1)
      openssl (~> 3.0)
      process-metrics (~> 0.2.0)
      protocol-rack (~> 0.1)
      samovar (~> 2.1)
    faraday (1.10.3)
      faraday-em_http (~> 1.0)
      faraday-em_synchrony (~> 1.0)
      faraday-excon (~> 1.1)
      faraday-httpclient (~> 1.0)
      faraday-multipart (~> 1.0)
      faraday-net_http (~> 1.0)
      faraday-net_http_persistent (~> 1.0)
      faraday-patron (~> 1.0)
      faraday-rack (~> 1.0)
      faraday-retry (~> 1.0)
      ruby2_keywords (>= 0.0.4)
    faraday-em_http (1.0.0)
    faraday-em_synchrony (1.0.0)
    faraday-excon (1.1.0)
    faraday-httpclient (1.0.1)
    faraday-multipart (1.0.4)
      multipart-post (~> 2)
    faraday-net_http (1.0.1)
    faraday-net_http_persistent (1.2.0)
    faraday-patron (1.0.0)
    faraday-rack (1.0.0)
    faraday-retry (1.0.3)
    fast_page (0.1.6)
      activerecord
      activesupport
    ffi (1.16.3)
    ffi-compiler (1.0.1)
      ffi (>= 1.0.0)
      rake
    fiber-annotation (0.2.0)
    fiber-local (1.0.0)
    friendly_id (5.5.0)
      activerecord (>= 4.0.0)
    gapic-common (0.20.0)
      faraday (>= 1.9, < 3.a)
      faraday-retry (>= 1.0, < 3.a)
      google-protobuf (~> 3.14)
      googleapis-common-protos (>= 1.3.12, < 2.a)
      googleapis-common-protos-types (>= 1.3.1, < 2.a)
      googleauth (~> 1.0)
      grpc (~> 1.36)
    geocoder (1.8.2)
    geoip (1.6.4)
    glob (0.4.0)
    globalid (1.2.1)
      activesupport (>= 6.1)
    goldiloader (5.0.0)
      activerecord (>= 6.1, < 7.2)
      activesupport (>= 6.1, < 7.2)
    google-cloud-core (1.6.0)
      google-cloud-env (~> 1.0)
      google-cloud-errors (~> 1.0)
    google-cloud-dialogflow (1.6.0)
      google-cloud-core (~> 1.6)
      google-cloud-dialogflow-v2 (>= 0.23, < 2.a)
    google-cloud-dialogflow-v2 (0.30.0)
      gapic-common (>= 0.20.0, < 2.a)
      google-cloud-errors (~> 1.0)
      google-cloud-location (>= 0.4, < 2.a)
    google-cloud-env (1.6.0)
      faraday (>= 0.17.3, < 3.0)
    google-cloud-errors (1.3.1)
    google-cloud-location (0.6.0)
      gapic-common (>= 0.20.0, < 2.a)
      google-cloud-errors (~> 1.0)
    google-protobuf (3.24.4)
    googleapis-common-protos (1.4.0)
      google-protobuf (~> 3.14)
      googleapis-common-protos-types (~> 1.2)
      grpc (~> 1.27)
    googleapis-common-protos-types (1.9.0)
      google-protobuf (~> 3.18)
    googleauth (1.8.1)
      faraday (>= 0.17.3, < 3.a)
      jwt (>= 1.4, < 3.0)
      multi_json (~> 1.11)
      os (>= 0.9, < 2.0)
      signet (>= 0.16, < 2.a)
    graphiql-rails (1.9.0)
      railties
      sprockets-rails
    graphql (2.1.3)
      racc (~> 1.4)
    groupdate (6.4.0)
      activesupport (>= 6.1)
    grpc (1.58.0)
      google-protobuf (~> 3.23)
      googleapis-common-protos-types (~> 1.0)
    haml (6.2.3)
      temple (>= 0.8.2)
      thor
      tilt
    hashdiff (1.0.1)
    hashie (5.0.0)
    http (5.1.1)
      addressable (~> 2.8)
      http-cookie (~> 1.0)
      http-form_data (~> 2.2)
      llhttp-ffi (~> 0.4.0)
    http-cookie (1.0.5)
      domain_name (~> 0.5)
    http-form_data (2.3.0)
    i18n (1.14.1)
      concurrent-ruby (~> 1.0)
    i18n-js (4.0.1)
      glob
      i18n
    image_processing (1.12.2)
      mini_magick (>= 4.9.5, < 5)
      ruby-vips (>= 2.0.17, < 3)
    io-console (0.6.0)
    io-console (0.6.0-java)
    io-event (1.4.4)
    irb (1.8.3)
      rdoc
      reline (>= 0.3.8)
    jar-dependencies (0.4.1)
    jbuilder (2.11.5)
      actionview (>= 5.0.0)
      activesupport (>= 5.0.0)
    jmespath (1.6.2)
    jruby-openssl (0.14.3-java)
    jsbundling-rails (1.2.1)
      railties (>= 6.0.0)
    json (2.6.3)
    json (2.6.3-java)
    jwe (0.4.0)
    jwt (2.5.0)
    kaminari (1.2.2)
      activesupport (>= 4.1.0)
      kaminari-actionview (= 1.2.2)
      kaminari-activerecord (= 1.2.2)
      kaminari-core (= 1.2.2)
    kaminari-actionview (1.2.2)
      actionview
      kaminari-core (= 1.2.2)
    kaminari-activerecord (1.2.2)
      activerecord
      kaminari-core (= 1.2.2)
    kaminari-core (1.2.2)
    kredis (1.5.0)
      activemodel (>= 6.0.0)
      activesupport (>= 6.0.0)
      redis (>= 4.2, < 6)
    language_server-protocol (3.17.0.3)
    listen (3.8.0)
      rb-fsevent (~> 0.10, >= 0.10.3)
      rb-inotify (~> 0.9, >= 0.9.10)
    llhttp-ffi (0.4.0)
      ffi-compiler (~> 1.0)
      rake (~> 13.0)
    localhost (1.2.0)
    loofah (2.21.4)
      crass (~> 1.0.2)
      nokogiri (>= 1.12.0)
    mail (2.8.1)
      mini_mime (>= 0.1.1)
      net-imap
      net-pop
      net-smtp
    mapping (1.1.1)
    marcel (1.0.2)
    method_source (1.0.0)
    mini_magick (4.12.0)
    mini_mime (1.1.5)
    mini_portile2 (2.8.4)
    minitest (5.20.0)
    msgpack (1.7.2)
    msgpack (1.7.2-java)
    multi_json (1.15.0)
    multi_xml (0.6.0)
    multipart-post (2.3.0)
    mustache (1.1.1)
    mutex_m (0.1.2)
    net-http (0.3.2)
      uri
    net-imap (0.4.1)
      date
      net-protocol
    net-pop (0.1.2)
      net-protocol
    net-protocol (0.2.1)
      timeout
    net-smtp (0.4.0)
      net-protocol
    nio4r (2.5.9)
    nio4r (2.5.9-java)
    nokogiri (1.15.4)
      mini_portile2 (~> 2.8.2)
      racc (~> 1.4)
    oauth (0.5.14)
    oauth2 (2.0.9)
      faraday (>= 0.17.3, < 3.0)
      jwt (>= 1.0, < 3.0)
      multi_xml (~> 0.5)
      rack (>= 1.2, < 4)
      snaky_hash (~> 2.0)
      version_gem (~> 1.1)
    omniauth (2.1.1)
      hashie (>= 3.4.6)
      rack (>= 2.2.3)
      rack-protection
    omniauth-oauth2 (1.8.0)
      oauth2 (>= 1.4, < 3)
      omniauth (~> 2.0)
    opensearch-ruby (3.0.1)
      faraday (>= 1.0, < 3)
      multi_json (>= 1.0)
    openssl (3.2.0)
    openssl (3.2.0-java)
      jruby-openssl (~> 0.14)
    orm_adapter (0.5.0)
    os (1.1.4)
    parallel (1.23.0)
    parser (3.2.2.4)
      ast (~> 2.4.1)
      racc
    pg (1.5.4)
    pg_search (2.3.6)
      activerecord (>= 5.2)
      activesupport (>= 5.2)
    phonelib (0.8.4)
    php_serialize (1.2)
    process-metrics (0.2.1)
      console (~> 1.8)
      samovar (~> 2.1)
    propshaft (0.7.0)
      actionpack (>= 7.0.0)
      activesupport (>= 7.0.0)
      rack
      railties (>= 7.0.0)
    protocol-hpack (1.4.2)
    protocol-http (0.26.1)
    protocol-http1 (0.18.0)
      protocol-http (~> 0.22)
    protocol-http2 (0.16.0)
      protocol-hpack (~> 1.4)
      protocol-http (~> 0.18)
    protocol-rack (0.4.1)
      protocol-http (~> 0.23)
      rack (>= 1.0)
    pry (0.14.2)
      coderay (~> 1.1)
      method_source (~> 1.0)
    pry (0.14.2-java)
      coderay (~> 1.1)
      method_source (~> 1.0)
      spoon (~> 0.0)
    psych (5.1.1.1)
      stringio
    psych (5.1.1.1-java)
      jar-dependencies (>= 0.1.7)
    public_suffix (5.0.3)
    racc (1.7.1)
    racc (1.7.1-java)
    rack (2.2.8)
    rack-cors (1.1.1)
      rack (>= 2.0.0)
    rack-protection (3.1.0)
      rack (~> 2.2, >= 2.2.4)
    rack-session (1.0.1)
      rack (< 3)
    rack-test (2.1.0)
      rack (>= 1.3)
    rackup (1.0.0)
      rack (< 3)
      webrick
    rails (7.1.1)
      actioncable (= 7.1.1)
      actionmailbox (= 7.1.1)
      actionmailer (= 7.1.1)
      actionpack (= 7.1.1)
      actiontext (= 7.1.1)
      actionview (= 7.1.1)
      activejob (= 7.1.1)
      activemodel (= 7.1.1)
      activerecord (= 7.1.1)
      activestorage (= 7.1.1)
      activesupport (= 7.1.1)
      bundler (>= 1.15.0)
      railties (= 7.1.1)
    rails-dom-testing (2.2.0)
      activesupport (>= 5.0.0)
      minitest
      nokogiri (>= 1.6)
    rails-html-sanitizer (1.6.0)
      loofah (~> 2.21)
      nokogiri (~> 1.14)
    railties (7.1.1)
      actionpack (= 7.1.1)
      activesupport (= 7.1.1)
      irb
      rackup (>= 1.0.0)
      rake (>= 12.2)
      thor (~> 1.0, >= 1.2.2)
      zeitwerk (~> 2.6)
    rainbow (3.1.1)
    rake (13.0.6)
    ransack (4.0.0)
      activerecord (>= 6.1.5)
      activesupport (>= 6.1.5)
      i18n
    rb-fsevent (0.11.2)
    rb-inotify (0.10.1)
      ffi (~> 1.0)
    rdoc (6.5.0)
      psych (>= 4.0.0)
    redis (4.8.1)
    redis-client (0.17.0)
      connection_pool
    redis-namespace (1.11.0)
      redis (>= 4)
    redis-objects (1.7.0)
      redis
    regexp_parser (2.8.2)
    reline (0.3.9)
      io-console (~> 0.5)
    request_store (1.5.1)
      rack (>= 1.4)
    responders (3.1.1)
      actionpack (>= 5.2)
      railties (>= 5.2)
    rexml (3.2.6)
    roadie (5.2.0)
      css_parser (~> 1.4)
      nokogiri (~> 1.15)
    rspec-core (3.12.2)
      rspec-support (~> 3.12.0)
    rspec-expectations (3.12.3)
      diff-lcs (>= 1.2.0, < 2.0)
      rspec-support (~> 3.12.0)
    rspec-mocks (3.12.6)
      diff-lcs (>= 1.2.0, < 2.0)
      rspec-support (~> 3.12.0)
    rspec-rails (6.0.3)
      actionpack (>= 6.1)
      activesupport (>= 6.1)
      railties (>= 6.1)
      rspec-core (~> 3.12)
      rspec-expectations (~> 3.12)
      rspec-mocks (~> 3.12)
      rspec-support (~> 3.12)
    rspec-support (3.12.1)
    rubocop (1.57.1)
      base64 (~> 0.1.1)
      json (~> 2.3)
      language_server-protocol (>= 3.17.0)
      parallel (~> 1.10)
      parser (>= 3.2.2.4)
      rainbow (>= 2.2.2, < 4.0)
      regexp_parser (>= 1.8, < 3.0)
      rexml (>= 3.2.5, < 4.0)
      rubocop-ast (>= 1.28.1, < 2.0)
      ruby-progressbar (~> 1.7)
      unicode-display_width (>= 2.4.0, < 3.0)
    rubocop-ast (1.29.0)
      parser (>= 3.2.1.0)
    rubocop-capybara (2.19.0)
      rubocop (~> 1.41)
    rubocop-factory_bot (2.24.0)
      rubocop (~> 1.33)
    rubocop-performance (1.19.1)
      rubocop (>= 1.7.0, < 2.0)
      rubocop-ast (>= 0.4.0)
    rubocop-rails (2.21.2)
      activesupport (>= 4.2.0)
      rack (>= 1.1)
      rubocop (>= 1.33.0, < 2.0)
    rubocop-rspec (2.24.1)
      rubocop (~> 1.33)
      rubocop-capybara (~> 2.17)
      rubocop-factory_bot (~> 2.22)
    ruby-next-core (0.15.3)
    ruby-oembed (0.16.1)
    ruby-progressbar (1.13.0)
    ruby-vips (2.1.4)
      ffi (~> 1.12)
    ruby2_keywords (0.0.5)
    rubyzip (2.3.2)
    samovar (2.2.0)
      console (~> 1.0)
      mapping (~> 1.0)
    sassc (2.4.0)
      ffi (~> 1.9)
    sassc (2.4.0-x64-mingw32)
      ffi (~> 1.9)
    scout_apm (5.3.5)
      parser
    searchkick (5.3.0)
      activemodel (>= 6.1)
      hashie
    shoulda (4.0.0)
      shoulda-context (~> 2.0)
      shoulda-matchers (~> 4.0)
    shoulda-context (2.0.0)
    shoulda-matchers (4.5.1)
      activesupport (>= 4.2.0)
    sidekiq (7.1.6)
      concurrent-ruby (< 2)
      connection_pool (>= 2.3.0)
      rack (>= 2.2.4)
      redis-client (>= 0.14.0)
    signet (0.18.0)
      addressable (~> 2.8)
      faraday (>= 0.17.5, < 3.a)
      jwt (>= 1.5, < 3.0)
      multi_json (~> 1.10)
    simpleidn (0.2.1)
      unf (~> 0.1.4)
    snaky_hash (2.0.1)
      hashie
      version_gem (~> 1.1, >= 1.1.1)
    spoon (0.0.6)
      ffi
    spring (4.1.1)
    sprockets (4.2.1)
      concurrent-ruby (~> 1.0)
      rack (>= 2.2.4, < 4)
    sprockets-rails (3.4.2)
      actionpack (>= 5.2)
      activesupport (>= 5.2)
      sprockets (>= 3.0.0)
    stringio (3.0.8)
    stripe (6.5.0)
    tailwindcss-rails (2.0.31)
      railties (>= 6.0.0)
    tailwindcss-rails (2.0.31-aarch64-linux)
      railties (>= 6.0.0)
    tailwindcss-rails (2.0.31-arm64-darwin)
      railties (>= 6.0.0)
    tailwindcss-rails (2.0.31-x64-mingw32)
      railties (>= 6.0.0)
    tailwindcss-rails (2.0.31-x86_64-darwin)
      railties (>= 6.0.0)
    tailwindcss-rails (2.0.31-x86_64-linux)
      railties (>= 6.0.0)
    temple (0.10.3)
    thor (1.2.2)
    tilt (2.3.0)
    timeout (0.4.0)
    timers (4.3.5)
    timezone (1.3.23)
    traces (0.11.1)
    truemail (3.0.9)
      simpleidn (~> 0.2.1)
    twilio-ruby (5.58.3)
      faraday (>= 0.9, < 2.0)
      jwt (>= 1.5, <= 2.5)
      nokogiri (>= 1.6, < 2.0)
    tzinfo (2.0.6)
      concurrent-ruby (~> 1.0)
    tzinfo-data (1.2023.3)
      tzinfo (>= 1.0.0)
    unf (0.1.4)
      unf_ext
    unf (0.1.4-java)
    unf_ext (0.0.8.2)
    unicode-display_width (2.5.0)
    uri (0.10.3)
    urlcrypt (0.2.0)
    version_gem (1.1.3)
    warden (1.2.9)
      rack (>= 2.0.9)
    web-console (4.2.1)
      actionview (>= 6.0.0)
      activemodel (>= 6.0.0)
      bindex (>= 0.4.0)
      railties (>= 6.0.0)
    webmock (3.19.1)
      addressable (>= 2.8.0)
      crack (>= 0.3.2)
      hashdiff (>= 0.4.0, < 2.0.0)
    webrick (1.8.1)
    websocket-driver (0.7.6)
      websocket-extensions (>= 0.1.0)
    websocket-driver (0.7.6-java)
      websocket-extensions (>= 0.1.0)
    websocket-extensions (0.1.5)
    zeitwerk (2.6.12)

PLATFORMS
  aarch64-linux
  arm64-darwin
  arm64-darwin-21
  java
  ruby
  x64-mingw32
  x86-mingw32
  x86-mswin32
  x86_64-darwin-19
  x86_64-linux

DEPENDENCIES
  aasm
  action_policy-graphql (~> 0.4)
  active_importer
  acts-as-taggable-on!
  acts_as_list (~> 0.9.19)
  anycable-rails
  aws-sdk-rails
  aws-sdk-s3 (~> 1.48)
  biz (~> 1.8)
  bootsnap (>= 1.1.0)
  brakeman
  browser (~> 2.5)
  bugsnag
  chronic (~> 0.10.2)
  code-scanning-rubocop
  cypress-on-rails (~> 1.0)
  database_cleaner-active_record
  database_cleaner-redis
  deep_cloneable
  devise
  devise_invitable (~> 2.0)
  doorkeeper (~> 5.5.0)
  dotenv-rails
  email_reply_trimmer
  emoji_data!
  execjs
  factory_bot_rails
  faker!
  falcon
  faraday
  fast_page (~> 0.1.5)
  friendly_id (~> 5.2)
  geocoder (~> 1.6)
  geoip
  globalize!
  goldiloader
  google-cloud-dialogflow
  graphiql-rails
  graphql (~> 2.1)
  groupdate
  grpc
  haml
  http
  i18n-js (~> 4.0.0.alpha1)
  image_processing (~> 1.12)
  jbuilder
  jsbundling-rails
  jwe
  jwt
  kaminari (~> 1.2)
  kredis (~> 1.3)
  listen
  mini_magick (~> 4.8)
  mustache
  net-http
  nightfury!
  nokogiri
  oauth (~> 0.5.5)
  omniauth-oauth2
  opensearch-ruby
  pg
  pg_search
  phonelib
  php_serialize (~> 1.2)
  propshaft
  pry
  rack-cors (~> 1.0)
  rails (= 7.1.1)
  ransack
  redis (~> 4.0)
  redis-namespace (~> 1.8)
  redis-objects (~> 1.5)
  roadie
  roadie-rails!
  roo (~> 2.8, >= 2.8.3)!
  rspec-core
  rspec-expectations
  rspec-mocks
  rspec-rails
  rspec-support
  rubocop
  rubocop-performance
  rubocop-rails
  rubocop-rspec
  ruby-oembed
  sassc
  scout_apm
  searchkick
  shoulda
  shoulda-matchers
  sidekiq
  spring
  stripe (~> 6.0)
  tailwindcss-rails
  timezone (~> 1.2)
  truemail
  twilio-ruby (~> 5.58.1)
  tzinfo-data
  uri (= 0.10.3)
  urlcrypt
  web-console (>= 3.3.0)
  webmock

RUBY VERSION
   ruby 3.2.0

BUNDLED WITH
   2.4.10
